GEM
  remote: https://rubygems.org/
  specs:
    chronic_duration (0.10.2)
      numerizer (~> 0.1.1)
    numerizer (0.1.1)
    spec (5.0.19)
      chronic_duration (~> 0.10.2)
    whois (3.4.0)

PLATFORMS
  ruby

DEPENDENCIES
  spec
  whois
